GEM
  remote: https://rubygems.org/
  specs:
    addressable (2.8.0)
      public_suffix (>= 2.0.2, < 5.0)
    bibtex-ruby (6.0.0)
      latex-decode (~> 0.0)
    iso639 (1.3.2)
    latex-decode (0.3.2)
    mini_portile2 (2.6.1)
    nokogiri (1.12.5)
      mini_portile2 (~> 2.6.1)
      racc (~> 1.4)
    public_suffix (4.0.6)
    racc (1.6.0)
    relaton-bib (1.10.6)
      addressable
      bibtex-ruby
      iso639
      nokogiri (~> 1.12.5)

PLATFORMS
  ruby

DEPENDENCIES
  relaton-bib

BUNDLED WITH
   2.2.21
